GEM
  remote: https://rubygems.org/
  specs:
    minima (2.0.0)

PLATFORMS
  ruby

DEPENDENCIES
  minima

BUNDLED WITH
   1.13.6
